GEM
  remote: https://rubygems.org/
  specs:
    coderay (1.0.9)
    dotenv (0.9.0)
    httparty (0.12.0)
      json (~> 1.8)
      multi_xml (>= 0.5.2)
    json (1.8.0)
    method_source (0.8.2)
    mini_portile (0.5.1)
    multi_xml (0.5.5)
    nokogiri (1.6.0)
      mini_portile (~> 0.5.0)
    pry (0.9.12.2)
      coderay (~> 1.0.5)
      method_source (~> 0.8)
      slop (~> 3.4)
    sequel (4.3.0)
    slop (3.4.6)

PLATFORMS
  ruby

DEPENDENCIES
  dotenv (~> 0.9.0)
  httparty (~> 0.12.0)
  nokogiri (~> 1.6.0)
  pry (~> 0.9.12.2)
  sequel (~> 4.3.0)
